GEM
  remote: https://rubygems.org/
  specs:
    activesupport (7.0.8.7)
      concurrent-ruby (~> 1.0, >= 1.0.2)
      i18n (>= 1.6, < 2)
      minitest (>= 5.1)
      tzinfo (~> 2.0)
    addressable (2.8.7)
      public_suffix (>= 2.0.2, < 7.0)
    autoprefixer-rails (9.4.10.1)
      execjs
    backports (3.25.1)
    bootstrap-sass (3.4.1)
      autoprefixer-rails (>= 5.2.1)
      sassc (>= 2.0.0)
    builder (3.2.3)
    coffee-script (2.4.1)
      coffee-script-source
      execjs
    coffee-script-source (1.12.2)
    concurrent-ruby (1.3.4)
    contracts (0.16.1)
    dotenv (2.8.1)
    em-websocket (0.5.1)
      eventmachine (>= 0.12.9)
      http_parser.rb (~> 0.6.0)
    erubis (2.7.0)
    eventmachine (1.2.7)
    eventmachine (1.2.7-java)
    eventmachine (1.2.7-x86-mingw32)
    execjs (2.10.0)
    fast_blank (1.0.1)
    fast_blank (1.0.1-java)
    fastimage (2.4.0)
    ffi (1.17.2)
    ffi (1.17.2-java)
    ffi (1.17.2-x86-mingw32)
    font-awesome-sass (4.4.0)
      sass (>= 3.2)
    haml (6.3.0)
      temple (>= 0.8.2)
      thor
      tilt
    hamster (3.0.0)
      concurrent-ruby (~> 1.0)
    hashie (3.6.0)
    htmlcompressor (0.2.0)
    http_parser.rb (0.6.0)
    http_parser.rb (0.6.0-java)
    i18n (1.6.0)
      concurrent-ruby (~> 1.0)
    jquery-middleman (3.1.2)
      thor (>= 0.14, < 2.0)
    json (2.3.0)
    json (2.3.0-java)
    kramdown (2.5.1)
      rexml (>= 3.3.9)
    listen (3.9.0)
      rb-fsevent (~> 0.10, >= 0.10.3)
      rb-inotify (~> 0.9, >= 0.9.10)
    memoist (0.16.2)
    mgd (0.2.0)
      middleman (>= 3.0.0)
      trollop (= 2.1.2)
    middleman (4.5.1)
      coffee-script (~> 2.2)
      haml (>= 4.0.5)
      kramdown (>= 2.3.0)
      middleman-cli (= 4.5.1)
      middleman-core (= 4.5.1)
    middleman-cli (4.5.1)
      thor (>= 0.17.0, < 1.3.0)
    middleman-core (4.5.1)
      activesupport (>= 6.1, < 7.1)
      addressable (~> 2.4)
      backports (~> 3.6)
      bundler (~> 2.0)
      contracts (~> 0.13, < 0.17)
      dotenv
      erubis
      execjs (~> 2.0)
      fast_blank
      fastimage (~> 2.0)
      hamster (~> 3.0)
      hashie (~> 3.4)
      i18n (~> 1.6.0)
      listen (~> 3.0)
      memoist (~> 0.14)
      padrino-helpers (~> 0.15.0)
      parallel
      rack (>= 1.4.5, < 3)
      sassc (~> 2.0)
      servolux
      tilt (~> 2.0.9)
      toml
      uglifier (~> 3.0)
      webrick
    middleman-livereload (3.4.6)
      em-websocket (~> 0.5.1)
      middleman-core (>= 3.3)
      rack-livereload (~> 0.3.15)
    middleman-minify-html (3.4.1)
      htmlcompressor (~> 0.2.0)
      middleman-core (>= 3.2)
    middleman-search_engine_sitemap (1.4.0)
      builder
      middleman-core (~> 4.0)
    middleman-sprockets (4.1.1)
      middleman-core (~> 4.0)
      sprockets (>= 3.0)
    minitest (5.25.5)
    nokogiri (1.18.10-arm64-darwin)
      racc (~> 1.4)
    padrino-helpers (0.15.3)
      i18n (>= 0.6.7, < 2)
      padrino-support (= 0.15.3)
      tilt (>= 1.4.1, < 3)
    padrino-support (0.15.3)
    parallel (1.27.0)
    parslet (2.0.0)
    public_suffix (5.1.1)
    racc (1.8.1)
    rack (2.1.4.4)
    rack-livereload (0.3.17)
      rack
    rb-fsevent (0.11.2)
    rb-inotify (0.11.1)
      ffi (~> 1.0)
    rexml (3.4.4)
    sass (3.7.3)
      sass-listen (~> 4.0.0)
    sass-listen (4.0.0)
      rb-fsevent (~> 0.9, >= 0.9.4)
      rb-inotify (~> 0.9, >= 0.9.7)
    sassc (2.4.0)
      ffi (~> 1.9)
    servolux (0.13.0)
    sprockets (3.7.2)
      concurrent-ruby (~> 1.0)
      rack (> 1, < 3)
    temple (0.10.4)
    thor (1.2.2)
    tilt (2.0.11)
    toml (0.3.0)
      parslet (>= 1.8.0, < 3.0.0)
    trollop (2.1.2)
    tzinfo (2.0.6)
      concurrent-ruby (~> 1.0)
    tzinfo-data (1.2018.9)
      tzinfo (>= 1.0.0)
    uglifier (3.2.0)
      execjs (>= 0.3.0, < 3)
    wdm (0.1.1)
    webrick (1.9.1)

PLATFORMS
  java
  ruby
  x86-mingw32
  x86-mswin32

DEPENDENCIES
  bootstrap-sass (~> 3.4.1)
  concurrent-ruby (= 1.3.4)
  font-awesome-sass (~> 4.4.0)
  jquery-middleman (~> 3.1.2)
  json (~> 2.3.0)
  mgd (~> 0.2.0)
  middleman (~> 4.5.1)
  middleman-livereload (~> 3.4.6)
  middleman-minify-html (~> 3.4.1)
  middleman-search_engine_sitemap (~> 1.4.0)
  middleman-sprockets (~> 4.1.1)
  nokogiri (~> 1.18.10)
  rack (~> 2.1.4)
  tzinfo-data (~> 1.2018.9)
  wdm (~> 0.1.1)

BUNDLED WITH
   2.1.4
